GEM
  remote: https://rubygems.org/
  specs:
    aws-partitions (1.36.0)
    aws-sdk-core (3.8.0)
      aws-partitions (~> 1.0)
      aws-sigv4 (~> 1.0)
      jmespath (~> 1.0)
    aws-sdk-sns (1.1.0)
      aws-sdk-core (~> 3)
      aws-sigv4 (~> 1.0)
    aws-sigv4 (1.0.2)
    cgminer-api (0.1.0)
    coderay (1.1.2)
    colorize (0.8.1)
    jmespath (1.3.1)
    method_source (0.9.0)
    pry (0.11.3)
      coderay (~> 1.1.0)
      method_source (~> 0.9.0)
    sane_timeout (0.1)

PLATFORMS
  x64-mingw32

DEPENDENCIES
  aws-sdk-sns
  cgminer-api
  colorize
  pry
  sane_timeout

BUNDLED WITH
   1.16.0
